GIT
  remote: git://github.com/rails/sass-rails.git
  revision: 8588b7b31d708a91516ae3bda0f57601a860ec28
  branch: 4-0-stable
  specs:
    sass-rails (4.0.5)
      railties (>= 4.0.0, < 5.0)
      sass (~> 3.2.2)
      sprockets (~> 2.8, < 3.0)
      sprockets-rails (~> 2.0)

GEM
  remote: https://rubygems.org/
  specs:
    actionmailer (4.1.2)
      actionpack (= 4.1.2)
      actionview (= 4.1.2)
      mail (~> 2.5.4)
    actionpack (4.1.2)
      actionview (= 4.1.2)
      activesupport (= 4.1.2)
      rack (~> 1.5.2)
      rack-test (~> 0.6.2)
    actionview (4.1.2)
      activesupport (= 4.1.2)
      builder (~> 3.1)
      erubis (~> 2.7.0)
    active_model_serializers (0.8.1)
      activemodel (>= 3.0)
    activemodel (4.1.2)
      activesupport (= 4.1.2)
      builder (~> 3.1)
    activerecord (4.1.2)
      activemodel (= 4.1.2)
      activesupport (= 4.1.2)
      arel (~> 5.0.0)
    activesupport (4.1.2)
      i18n (~> 0.6, >= 0.6.9)
      json (~> 1.7, >= 1.7.7)
      minitest (~> 5.1)
      thread_safe (~> 0.1)
      tzinfo (~> 1.1)
    arel (5.0.1.20140414130214)
    awesome_print (1.2.0)
    builder (3.2.2)
    coderay (1.1.0)
    coffee-rails (4.1.0)
      coffee-script (>= 2.2.0)
      railties (>= 4.0.0, < 5.0)
    coffee-script (2.2.0)
      coffee-script-source
      execjs
    coffee-script-source (1.8.0)
    commonjs (0.2.7)
    daemons (1.1.9)
    ejs (1.1.1)
    em-synchrony (1.0.3)
      eventmachine (>= 1.0.0.beta.1)
    erubis (2.7.0)
    eventmachine (1.0.4)
    execjs (2.2.2)
    faye-websocket (0.9.1)
      eventmachine (>= 0.12.0)
      websocket-driver (>= 0.5.1)
    forgery (0.6.0)
    haml (4.0.6)
      tilt
    haml_coffee_assets (1.16.0)
      coffee-script (~> 2.0)
      sprockets (~> 2.0)
      tilt (~> 1.1)
    hike (1.2.3)
    hiredis (0.5.2)
    i18n (0.7.0)
    jquery-rails (2.1.4)
      railties (>= 3.0, < 5.0)
      thor (>= 0.14, < 2.0)
    json (1.8.1)
    kaminari (0.16.1)
      actionpack (>= 3.0.0)
      activesupport (>= 3.0.0)
    less (2.6.0)
      commonjs (~> 0.2.7)
    less-rails (2.6.0)
      actionpack (>= 3.1)
      less (~> 2.6.0)
    libv8 (3.16.14.7)
    mail (2.5.4)
      mime-types (~> 1.16)
      treetop (~> 1.4.8)
    method_source (0.8.2)
    mime-types (1.25.1)
    minitest (5.5.0)
    multi_json (1.10.1)
    polyglot (0.3.5)
    pry (0.10.1)
      coderay (~> 1.1.0)
      method_source (~> 0.8.1)
      slop (~> 3.4)
    pry-rails (0.3.2)
      pry (>= 0.9.10)
    rack (1.5.2)
    rack-test (0.6.2)
      rack (>= 1.0)
    rails (4.1.2)
      actionmailer (= 4.1.2)
      actionpack (= 4.1.2)
      actionview (= 4.1.2)
      activemodel (= 4.1.2)
      activerecord (= 4.1.2)
      activesupport (= 4.1.2)
      bundler (>= 1.3.0, < 2.0)
      railties (= 4.1.2)
      sprockets-rails (~> 2.0)
    rails-backbone (0.9.10)
      coffee-script (~> 2.2.0)
      ejs (~> 1.1.1)
      jquery-rails (~> 2.1.3)
      railties (>= 3.1.0)
    rails_12factor (0.0.3)
      rails_serve_static_assets
      rails_stdout_logging
    rails_serve_static_assets (0.0.2)
    rails_stdout_logging (0.0.3)
    railties (4.1.2)
      actionpack (= 4.1.2)
      activesupport (= 4.1.2)
      rake (>= 0.8.7)
      thor (>= 0.18.1, < 2.0)
    rake (10.4.2)
    redis (3.2.0)
    redis-objects (1.0.1)
      redis (>= 3.0.2)
    ref (1.0.5)
    sass (3.2.19)
    slim (3.0.0)
      temple (~> 0.7.3)
      tilt (>= 1.3.3, < 2.1)
    slop (3.6.0)
    sprockets (2.12.3)
      hike (~> 1.2)
      multi_json (~> 1.0)
      rack (~> 1.0)
      tilt (~> 1.1, != 1.3.0)
    sprockets-rails (2.2.2)
      actionpack (>= 3.0)
      activesupport (>= 3.0)
      sprockets (>= 2.8, < 4.0)
    temple (0.7.3)
    therubyracer (0.12.1)
      libv8 (~> 3.16.14.0)
      ref
    thin (1.6.3)
      daemons (~> 1.0, >= 1.0.9)
      eventmachine (~> 1.0)
      rack (~> 1.0)
    thor (0.19.1)
    thread_safe (0.3.4)
    thrift (0.9.2.0)
    thrift_client (0.9.3)
      thrift (~> 0.9.0)
    tilt (1.4.1)
    treetop (1.4.15)
      polyglot
      polyglot (>= 0.3.1)
    turbolinks (2.5.3)
      coffee-rails
    twitter-bootstrap-rails (3.2.0)
      actionpack (~> 4.1)
      execjs (~> 2.2)
      rails (~> 4.1)
      railties (~> 4.1)
    tzinfo (1.2.2)
      thread_safe (~> 0.1)
    uglifier (2.6.0)
      execjs (>= 0.3.0)
      json (>= 1.8.0)
    websocket-driver (0.5.1)
      websocket-extensions (>= 0.1.0)
    websocket-extensions (0.1.1)
    websocket-rails (0.7.0)
      em-synchrony
      faye-websocket
      hiredis
      rack
      rails
      redis
      redis-objects
      thin

PLATFORMS
  ruby

DEPENDENCIES
  active_model_serializers (= 0.8.1)
  awesome_print
  execjs
  forgery
  haml
  haml_coffee_assets
  jquery-rails
  kaminari
  less-rails
  pry-rails
  rails (= 4.1.2)
  rails-backbone
  rails_12factor
  sass-rails!
  slim
  therubyracer
  thrift
  thrift_client
  turbolinks
  twitter-bootstrap-rails
  uglifier (>= 1.3.0)
  websocket-rails
